GEM
  remote: http://rubygems.org/
  specs:
    activesupport (2.3.8)
    bson (1.0.4)
    bson_ext (1.0.4)
    columnize (0.3.1)
    i18n (0.4.1)
    jnunemaker-validatable (1.8.4)
      activesupport (>= 2.3.4)
    json (1.4.6)
    linecache (0.43)
    mocha (0.9.8)
      rake
    mongo (1.0.7)
      bson (>= 1.0.4)
    mongo_mapper (0.8.3)
      activesupport (>= 2.3.4)
      jnunemaker-validatable (~> 1.8.4)
      plucky (~> 0.3.3)
    nokogiri (1.4.3.1)
    plucky (0.3.4)
      mongo (~> 1.0.7)
    rack (1.2.1)
    rack-test (0.5.4)
      rack (>= 1.0)
    rake (0.8.7)
    rcov (0.9.8)
    ruby-debug (0.10.3)
      columnize (>= 0.1)
      ruby-debug-base (~> 0.10.3.0)
    ruby-debug-base (0.10.3)
      linecache (>= 0.3)
    sinatra (1.0)
      rack (>= 1.0)
    test-unit (2.1.1)
    webrat (0.7.1)
      nokogiri (>= 1.2.0)
      rack (>= 1.0)
      rack-test (>= 0.5.3)

PLATFORMS
  ruby

DEPENDENCIES
  bson (= 1.0.4)
  bson_ext (= 1.0.4)
  i18n (= 0.4.1)
  json (= 1.4.6)
  mocha
  mongo (= 1.0.7)
  mongo_mapper (= 0.8.3)
  rack-test
  rcov
  ruby-debug
  sinatra (= 1.0)
  test-unit
  webrat
