GEM
  remote: http://rubygems.org/
  specs:
    activesupport (3.0.3)
    bson (1.1.4)
    bson_ext (1.1.4)
    columnize (0.3.2)
    i18n (0.5.0)
    jnunemaker-validatable (1.8.4)
      activesupport (>= 2.3.4)
    json (1.4.6)
    linecache (0.43)
    mocha (0.9.10)
      rake
    mongo (1.1.4)
      bson (>= 1.1.1)
    mongo_mapper (0.8.6)
      activesupport (>= 2.3.4)
      jnunemaker-validatable (~> 1.8.4)
      plucky (~> 0.3.6)
    nokogiri (1.4.4)
    plucky (0.3.6)
      mongo (~> 1.1)
    rack (1.2.1)
    rack-test (0.5.6)
      rack (>= 1.0)
    rake (0.8.7)
    rcov (0.9.9)
    ruby-debug (0.10.4)
      columnize (>= 0.1)
      ruby-debug-base (~> 0.10.4.0)
    ruby-debug-base (0.10.4)
      linecache (>= 0.3)
    sinatra (1.1.0)
      rack (~> 1.1)
      tilt (~> 1.1)
    test-unit (2.1.2)
    tilt (1.1)
    webrat (0.7.2)
      nokogiri (>= 1.2.0)
      rack (>= 1.0)
      rack-test (>= 0.5.3)

PLATFORMS
  ruby

DEPENDENCIES
  bson (= 1.1.4)
  bson_ext (= 1.1.4)
  i18n (= 0.5.0)
  json (= 1.4.6)
  mocha
  mongo (= 1.1.4)
  mongo_mapper (= 0.8.6)
  rack-test
  rcov
  ruby-debug
  sinatra (= 1.1.0)
  test-unit
  webrat
